GEM
  remote: https://rubygems.org/
  specs:
    actioncable (6.1.1***REMOVED***
      actionpack (= 6.1.1***REMOVED***
      activesupport (= 6.1.1***REMOVED***
      nio4r (~> 2.0***REMOVED***
      websocket-driver (>= 0.6.1***REMOVED***
    actionmailbox (6.1.1***REMOVED***
      actionpack (= 6.1.1***REMOVED***
      activejob (= 6.1.1***REMOVED***
      activerecord (= 6.1.1***REMOVED***
      activestorage (= 6.1.1***REMOVED***
      activesupport (= 6.1.1***REMOVED***
      mail (>= 2.7.1***REMOVED***
    actionmailer (6.1.1***REMOVED***
      actionpack (= 6.1.1***REMOVED***
      actionview (= 6.1.1***REMOVED***
      activejob (= 6.1.1***REMOVED***
      activesupport (= 6.1.1***REMOVED***
      mail (~> 2.5, >= 2.5.4***REMOVED***
      rails-dom-testing (~> 2.0***REMOVED***
    actionpack (6.1.1***REMOVED***
      actionview (= 6.1.1***REMOVED***
      activesupport (= 6.1.1***REMOVED***
      rack (~> 2.0, >= 2.0.9***REMOVED***
      rack-test (>= 0.6.3***REMOVED***
      rails-dom-testing (~> 2.0***REMOVED***
      rails-html-sanitizer (~> 1.0, >= 1.2.0***REMOVED***
    actiontext (6.1.1***REMOVED***
      actionpack (= 6.1.1***REMOVED***
      activerecord (= 6.1.1***REMOVED***
      activestorage (= 6.1.1***REMOVED***
      activesupport (= 6.1.1***REMOVED***
      nokogiri (>= 1.8.5***REMOVED***
    actionview (6.1.1***REMOVED***
      activesupport (= 6.1.1***REMOVED***
      builder (~> 3.1***REMOVED***
      erubi (~> 1.4***REMOVED***
      rails-dom-testing (~> 2.0***REMOVED***
      rails-html-sanitizer (~> 1.1, >= 1.2.0***REMOVED***
    activejob (6.1.1***REMOVED***
      activesupport (= 6.1.1***REMOVED***
      globalid (>= 0.3.6***REMOVED***
    activemodel (6.1.1***REMOVED***
      activesupport (= 6.1.1***REMOVED***
    activerecord (6.1.1***REMOVED***
      activemodel (= 6.1.1***REMOVED***
      activesupport (= 6.1.1***REMOVED***
    activestorage (6.1.1***REMOVED***
      actionpack (= 6.1.1***REMOVED***
      activejob (= 6.1.1***REMOVED***
      activerecord (= 6.1.1***REMOVED***
      activesupport (= 6.1.1***REMOVED***
      marcel (~> 0.3.1***REMOVED***
      mimemagic (~> 0.3.2***REMOVED***
    activesupport (6.1.1***REMOVED***
      concurrent-ruby (~> 1.0, >= 1.0.2***REMOVED***
      i18n (>= 1.6, < 2***REMOVED***
      minitest (>= 5.1***REMOVED***
      tzinfo (~> 2.0***REMOVED***
      zeitwerk (~> 2.3***REMOVED***
    addressable (2.7.0***REMOVED***
      public_suffix (>= 2.0.2, < 5.0***REMOVED***
    bindex (0.8.1***REMOVED***
    bootsnap (1.5.1***REMOVED***
      msgpack (~> 1.0***REMOVED***
    builder (3.2.4***REMOVED***
    byebug (11.1.3***REMOVED***
    capybara (3.34.0***REMOVED***
      addressable
      mini_mime (>= 0.1.3***REMOVED***
      nokogiri (~> 1.8***REMOVED***
      rack (>= 1.6.0***REMOVED***
      rack-test (>= 0.6.3***REMOVED***
      regexp_parser (~> 1.5***REMOVED***
      xpath (~> 3.2***REMOVED***
    childprocess (3.0.0***REMOVED***
    concurrent-ruby (1.1.7***REMOVED***
    crass (1.0.6***REMOVED***
    erubi (1.10.0***REMOVED***
    ffi (1.14.2***REMOVED***
    globalid (0.4.2***REMOVED***
      activesupport (>= 4.2.0***REMOVED***
    i18n (1.8.7***REMOVED***
      concurrent-ruby (~> 1.0***REMOVED***
    jbuilder (2.10.1***REMOVED***
      activesupport (>= 5.0.0***REMOVED***
    listen (3.4.1***REMOVED***
      rb-fsevent (~> 0.10, >= 0.10.3***REMOVED***
      rb-inotify (~> 0.9, >= 0.9.10***REMOVED***
    loofah (2.9.0***REMOVED***
      crass (~> 1.0.2***REMOVED***
      nokogiri (>= 1.5.9***REMOVED***
    mail (2.7.1***REMOVED***
      mini_mime (>= 0.1.1***REMOVED***
    marcel (0.3.3***REMOVED***
      mimemagic (~> 0.3.2***REMOVED***
    method_source (1.0.0***REMOVED***
    mimemagic (0.3.5***REMOVED***
    mini_mime (1.0.2***REMOVED***
    mini_portile2 (2.5.0***REMOVED***
    minitest (5.14.3***REMOVED***
    msgpack (1.3.3***REMOVED***
    nio4r (2.5.4***REMOVED***
    nokogiri (1.11.1***REMOVED***
      mini_portile2 (~> 2.5.0***REMOVED***
      racc (~> 1.4***REMOVED***
    pg (1.2.3***REMOVED***
    public_suffix (4.0.6***REMOVED***
    puma (5.1.1***REMOVED***
      nio4r (~> 2.0***REMOVED***
    racc (1.5.2***REMOVED***
    rack (2.2.3***REMOVED***
    rack-mini-profiler (2.3.0***REMOVED***
      rack (>= 1.2.0***REMOVED***
    rack-proxy (0.6.5***REMOVED***
      rack
    rack-test (1.1.0***REMOVED***
      rack (>= 1.0, < 3***REMOVED***
    rails (6.1.1***REMOVED***
      actioncable (= 6.1.1***REMOVED***
      actionmailbox (= 6.1.1***REMOVED***
      actionmailer (= 6.1.1***REMOVED***
      actionpack (= 6.1.1***REMOVED***
      actiontext (= 6.1.1***REMOVED***
      actionview (= 6.1.1***REMOVED***
      activejob (= 6.1.1***REMOVED***
      activemodel (= 6.1.1***REMOVED***
      activerecord (= 6.1.1***REMOVED***
      activestorage (= 6.1.1***REMOVED***
      activesupport (= 6.1.1***REMOVED***
      bundler (>= 1.15.0***REMOVED***
      railties (= 6.1.1***REMOVED***
      sprockets-rails (>= 2.0.0***REMOVED***
    rails-dom-testing (2.0.3***REMOVED***
      activesupport (>= 4.2.0***REMOVED***
      nokogiri (>= 1.6***REMOVED***
    rails-html-sanitizer (1.3.0***REMOVED***
      loofah (~> 2.3***REMOVED***
    railties (6.1.1***REMOVED***
      actionpack (= 6.1.1***REMOVED***
      activesupport (= 6.1.1***REMOVED***
      method_source
      rake (>= 0.8.7***REMOVED***
      thor (~> 1.0***REMOVED***
    rake (13.0.3***REMOVED***
    rb-fsevent (0.10.4***REMOVED***
    rb-inotify (0.10.1***REMOVED***
      ffi (~> 1.0***REMOVED***
    regexp_parser (1.8.2***REMOVED***
    rubyzip (2.3.0***REMOVED***
    sass-rails (6.0.0***REMOVED***
      sassc-rails (~> 2.1, >= 2.1.1***REMOVED***
    sassc (2.4.0***REMOVED***
      ffi (~> 1.9***REMOVED***
    sassc-rails (2.1.2***REMOVED***
      railties (>= 4.0.0***REMOVED***
      sassc (>= 2.0***REMOVED***
      sprockets (> 3.0***REMOVED***
      sprockets-rails
      tilt
    selenium-webdriver (3.142.7***REMOVED***
      childprocess (>= 0.5, < 4.0***REMOVED***
      rubyzip (>= 1.2.2***REMOVED***
    semantic_range (2.3.1***REMOVED***
    spring (2.1.1***REMOVED***
    sprockets (4.0.2***REMOVED***
      concurrent-ruby (~> 1.0***REMOVED***
      rack (> 1, < 3***REMOVED***
    sprockets-rails (3.2.2***REMOVED***
      actionpack (>= 4.0***REMOVED***
      activesupport (>= 4.0***REMOVED***
      sprockets (>= 3.0.0***REMOVED***
    thor (1.0.1***REMOVED***
    tilt (2.0.10***REMOVED***
    turbolinks (5.2.1***REMOVED***
      turbolinks-source (~> 5.2***REMOVED***
    turbolinks-source (5.2.0***REMOVED***
    tzinfo (2.0.4***REMOVED***
      concurrent-ruby (~> 1.0***REMOVED***
    web-console (4.1.0***REMOVED***
      actionview (>= 6.0.0***REMOVED***
      activemodel (>= 6.0.0***REMOVED***
      bindex (>= 0.4.0***REMOVED***
      railties (>= 6.0.0***REMOVED***
    webdrivers (4.4.2***REMOVED***
      nokogiri (~> 1.6***REMOVED***
      rubyzip (>= 1.3.0***REMOVED***
      selenium-webdriver (>= 3.0, < 4.0***REMOVED***
    webpacker (5.2.1***REMOVED***
      activesupport (>= 5.2***REMOVED***
      rack-proxy (>= 0.6.1***REMOVED***
      railties (>= 5.2***REMOVED***
      semantic_range (>= 2.3.0***REMOVED***
    websocket-driver (0.7.3***REMOVED***
      websocket-extensions (>= 0.1.0***REMOVED***
    websocket-extensions (0.1.5***REMOVED***
    xpath (3.2.0***REMOVED***
      nokogiri (~> 1.8***REMOVED***
    zeitwerk (2.4.2***REMOVED***

PLATFORMS
  ruby

DEPENDENCIES
  bootsnap (>= 1.4.4***REMOVED***
  byebug
  capybara (>= 3.26***REMOVED***
  jbuilder (~> 2.7***REMOVED***
  listen (~> 3.3***REMOVED***
  pg (~> 1.1***REMOVED***
  puma (~> 5.0***REMOVED***
  rack-mini-profiler (~> 2.0***REMOVED***
  rails (~> 6.1.0***REMOVED***
  sass-rails (>= 6***REMOVED***
  selenium-webdriver
  spring
  turbolinks (~> 5***REMOVED***
  tzinfo-data
  web-console (>= 4.1.0***REMOVED***
  webdrivers
  webpacker (~> 5.0***REMOVED***

RUBY VERSION
   ruby 2.7.2p137

BUNDLED WITH
   2.1.4
