GEM
  remote: https://rubygems.org/
  specs:
    actioncable (6.1.7.2***REMOVED***
      actionpack (= 6.1.7.2***REMOVED***
      activesupport (= 6.1.7.2***REMOVED***
      nio4r (~> 2.0***REMOVED***
      websocket-driver (>= 0.6.1***REMOVED***
    actionmailbox (6.1.7.2***REMOVED***
      actionpack (= 6.1.7.2***REMOVED***
      activejob (= 6.1.7.2***REMOVED***
      activerecord (= 6.1.7.2***REMOVED***
      activestorage (= 6.1.7.2***REMOVED***
      activesupport (= 6.1.7.2***REMOVED***
      mail (>= 2.7.1***REMOVED***
    actionmailer (6.1.7.2***REMOVED***
      actionpack (= 6.1.7.2***REMOVED***
      actionview (= 6.1.7.2***REMOVED***
      activejob (= 6.1.7.2***REMOVED***
      activesupport (= 6.1.7.2***REMOVED***
      mail (~> 2.5, >= 2.5.4***REMOVED***
      rails-dom-testing (~> 2.0***REMOVED***
    actionpack (6.1.7.2***REMOVED***
      actionview (= 6.1.7.2***REMOVED***
      activesupport (= 6.1.7.2***REMOVED***
      rack (~> 2.0, >= 2.0.9***REMOVED***
      rack-test (>= 0.6.3***REMOVED***
      rails-dom-testing (~> 2.0***REMOVED***
      rails-html-sanitizer (~> 1.0, >= 1.2.0***REMOVED***
    actiontext (6.1.7.2***REMOVED***
      actionpack (= 6.1.7.2***REMOVED***
      activerecord (= 6.1.7.2***REMOVED***
      activestorage (= 6.1.7.2***REMOVED***
      activesupport (= 6.1.7.2***REMOVED***
      nokogiri (>= 1.8.5***REMOVED***
    actionview (6.1.7.2***REMOVED***
      activesupport (= 6.1.7.2***REMOVED***
      builder (~> 3.1***REMOVED***
      erubi (~> 1.4***REMOVED***
      rails-dom-testing (~> 2.0***REMOVED***
      rails-html-sanitizer (~> 1.1, >= 1.2.0***REMOVED***
    activejob (6.1.7.2***REMOVED***
      activesupport (= 6.1.7.2***REMOVED***
      globalid (>= 0.3.6***REMOVED***
    activemodel (6.1.7.2***REMOVED***
      activesupport (= 6.1.7.2***REMOVED***
    activerecord (6.1.7.2***REMOVED***
      activemodel (= 6.1.7.2***REMOVED***
      activesupport (= 6.1.7.2***REMOVED***
    activestorage (6.1.7.2***REMOVED***
      actionpack (= 6.1.7.2***REMOVED***
      activejob (= 6.1.7.2***REMOVED***
      activerecord (= 6.1.7.2***REMOVED***
      activesupport (= 6.1.7.2***REMOVED***
      marcel (~> 1.0***REMOVED***
      mini_mime (>= 1.1.0***REMOVED***
    activesupport (6.1.7.2***REMOVED***
      concurrent-ruby (~> 1.0, >= 1.0.2***REMOVED***
      i18n (>= 1.6, < 2***REMOVED***
      minitest (>= 5.1***REMOVED***
      tzinfo (~> 2.0***REMOVED***
      zeitwerk (~> 2.3***REMOVED***
    addressable (2.8.1***REMOVED***
      public_suffix (>= 2.0.2, < 6.0***REMOVED***
    annotate (3.2.0***REMOVED***
      activerecord (>= 3.2, < 8.0***REMOVED***
      rake (>= 10.4, < 14.0***REMOVED***
    bindex (0.8.1***REMOVED***
    bootsnap (1.16.0***REMOVED***
      msgpack (~> 1.2***REMOVED***
    bootstrap_form (4.5.0***REMOVED***
      actionpack (>= 5.2***REMOVED***
      activemodel (>= 5.2***REMOVED***
    builder (3.2.4***REMOVED***
    byebug (11.1.3***REMOVED***
    capybara (3.38.0***REMOVED***
      addressable
      matrix
      mini_mime (>= 0.1.3***REMOVED***
      nokogiri (~> 1.8***REMOVED***
      rack (>= 1.6.0***REMOVED***
      rack-test (>= 0.6.3***REMOVED***
      regexp_parser (>= 1.5, < 3.0***REMOVED***
      xpath (~> 3.2***REMOVED***
    concurrent-ruby (1.2.0***REMOVED***
    crass (1.0.6***REMOVED***
    date (3.3.3***REMOVED***
    erubi (1.12.0***REMOVED***
    ffi (1.15.5***REMOVED***
    globalid (1.1.0***REMOVED***
      activesupport (>= 5.0***REMOVED***
    i18n (1.12.0***REMOVED***
      concurrent-ruby (~> 1.0***REMOVED***
    jbuilder (2.11.5***REMOVED***
      actionview (>= 5.0.0***REMOVED***
      activesupport (>= 5.0.0***REMOVED***
    listen (3.8.0***REMOVED***
      rb-fsevent (~> 0.10, >= 0.10.3***REMOVED***
      rb-inotify (~> 0.9, >= 0.9.10***REMOVED***
    loofah (2.19.1***REMOVED***
      crass (~> 1.0.2***REMOVED***
      nokogiri (>= 1.5.9***REMOVED***
    mail (2.8.1***REMOVED***
      mini_mime (>= 0.1.1***REMOVED***
      net-imap
      net-pop
      net-smtp
    marcel (1.0.2***REMOVED***
    matrix (0.4.2***REMOVED***
    method_source (1.0.0***REMOVED***
    mini_mime (1.1.2***REMOVED***
    mini_portile2 (2.8.1***REMOVED***
    minitest (5.17.0***REMOVED***
    msgpack (1.6.0***REMOVED***
    net-imap (0.3.4***REMOVED***
      date
      net-protocol
    net-pop (0.1.2***REMOVED***
      net-protocol
    net-protocol (0.2.1***REMOVED***
      timeout
    net-smtp (0.3.3***REMOVED***
      net-protocol
    nio4r (2.5.8***REMOVED***
    nokogiri (1.14.2***REMOVED***
      mini_portile2 (~> 2.8.0***REMOVED***
      racc (~> 1.4***REMOVED***
    pg (1.4.5***REMOVED***
    pgreset (0.3***REMOVED***
    public_suffix (5.0.1***REMOVED***
    puma (5.6.5***REMOVED***
      nio4r (~> 2.0***REMOVED***
    racc (1.6.2***REMOVED***
    rack (2.2.6.2***REMOVED***
    rack-mini-profiler (2.3.4***REMOVED***
      rack (>= 1.2.0***REMOVED***
    rack-proxy (0.7.6***REMOVED***
      rack
    rack-test (2.0.2***REMOVED***
      rack (>= 1.3***REMOVED***
    rails (6.1.7.2***REMOVED***
      actioncable (= 6.1.7.2***REMOVED***
      actionmailbox (= 6.1.7.2***REMOVED***
      actionmailer (= 6.1.7.2***REMOVED***
      actionpack (= 6.1.7.2***REMOVED***
      actiontext (= 6.1.7.2***REMOVED***
      actionview (= 6.1.7.2***REMOVED***
      activejob (= 6.1.7.2***REMOVED***
      activemodel (= 6.1.7.2***REMOVED***
      activerecord (= 6.1.7.2***REMOVED***
      activestorage (= 6.1.7.2***REMOVED***
      activesupport (= 6.1.7.2***REMOVED***
      bundler (>= 1.15.0***REMOVED***
      railties (= 6.1.7.2***REMOVED***
      sprockets-rails (>= 2.0.0***REMOVED***
    rails-dom-testing (2.0.3***REMOVED***
      activesupport (>= 4.2.0***REMOVED***
      nokogiri (>= 1.6***REMOVED***
    rails-html-sanitizer (1.5.0***REMOVED***
      loofah (~> 2.19, >= 2.19.1***REMOVED***
    railties (6.1.7.2***REMOVED***
      actionpack (= 6.1.7.2***REMOVED***
      activesupport (= 6.1.7.2***REMOVED***
      method_source
      rake (>= 12.2***REMOVED***
      thor (~> 1.0***REMOVED***
    rake (13.0.6***REMOVED***
    rb-fsevent (0.11.2***REMOVED***
    rb-inotify (0.10.1***REMOVED***
      ffi (~> 1.0***REMOVED***
    regexp_parser (2.7.0***REMOVED***
    rexml (3.2.5***REMOVED***
    rubyzip (2.3.2***REMOVED***
    sass-rails (6.0.0***REMOVED***
      sassc-rails (~> 2.1, >= 2.1.1***REMOVED***
    sassc (2.4.0***REMOVED***
      ffi (~> 1.9***REMOVED***
    sassc-rails (2.1.2***REMOVED***
      railties (>= 4.0.0***REMOVED***
      sassc (>= 2.0***REMOVED***
      sprockets (> 3.0***REMOVED***
      sprockets-rails
      tilt
    selenium-webdriver (4.8.1***REMOVED***
      rexml (~> 3.2, >= 3.2.5***REMOVED***
      rubyzip (>= 1.2.2, < 3.0***REMOVED***
      websocket (~> 1.0***REMOVED***
    semantic_range (3.0.0***REMOVED***
    spring (4.1.1***REMOVED***
    sprockets (4.2.0***REMOVED***
      concurrent-ruby (~> 1.0***REMOVED***
      rack (>= 2.2.4, < 4***REMOVED***
    sprockets-rails (3.4.2***REMOVED***
      actionpack (>= 5.2***REMOVED***
      activesupport (>= 5.2***REMOVED***
      sprockets (>= 3.0.0***REMOVED***
    thor (1.2.1***REMOVED***
    tilt (2.1.0***REMOVED***
    timeout (0.3.2***REMOVED***
    turbolinks (5.2.1***REMOVED***
      turbolinks-source (~> 5.2***REMOVED***
    turbolinks-source (5.2.0***REMOVED***
    tzinfo (2.0.6***REMOVED***
      concurrent-ruby (~> 1.0***REMOVED***
    web-console (4.2.0***REMOVED***
      actionview (>= 6.0.0***REMOVED***
      activemodel (>= 6.0.0***REMOVED***
      bindex (>= 0.4.0***REMOVED***
      railties (>= 6.0.0***REMOVED***
    webdrivers (5.2.0***REMOVED***
      nokogiri (~> 1.6***REMOVED***
      rubyzip (>= 1.3.0***REMOVED***
      selenium-webdriver (~> 4.0***REMOVED***
    webpacker (5.4.4***REMOVED***
      activesupport (>= 5.2***REMOVED***
      rack-proxy (>= 0.6.1***REMOVED***
      railties (>= 5.2***REMOVED***
      semantic_range (>= 2.3.0***REMOVED***
    websocket (1.2.9***REMOVED***
    websocket-driver (0.7.5***REMOVED***
      websocket-extensions (>= 0.1.0***REMOVED***
    websocket-extensions (0.1.5***REMOVED***
    xpath (3.2.0***REMOVED***
      nokogiri (~> 1.8***REMOVED***
    zeitwerk (2.6.7***REMOVED***

PLATFORMS
  ruby

DEPENDENCIES
  annotate
  bootsnap (>= 1.4.4***REMOVED***
  bootstrap_form (~> 4.0***REMOVED***
  byebug
  capybara (>= 3.26***REMOVED***
  jbuilder (~> 2.7***REMOVED***
  listen (~> 3.3***REMOVED***
  pg (~> 1.1***REMOVED***
  pgreset
  puma (~> 5.0***REMOVED***
  rack-mini-profiler (~> 2.0***REMOVED***
  rails (~> 6.1.0***REMOVED***
  sass-rails (>= 6***REMOVED***
  selenium-webdriver
  spring
  turbolinks (~> 5***REMOVED***
  tzinfo-data
  web-console (>= 4.1.0***REMOVED***
  webdrivers
  webpacker (~> 5.0***REMOVED***

RUBY VERSION
   ruby 3.1.1p18

BUNDLED WITH
   2.1.4
