GEM
  remote: https://rubygems.org/
  specs:
    actioncable (6.1.7.6***REMOVED***
      actionpack (= 6.1.7.6***REMOVED***
      activesupport (= 6.1.7.6***REMOVED***
      nio4r (~> 2.0***REMOVED***
      websocket-driver (>= 0.6.1***REMOVED***
    actionmailbox (6.1.7.6***REMOVED***
      actionpack (= 6.1.7.6***REMOVED***
      activejob (= 6.1.7.6***REMOVED***
      activerecord (= 6.1.7.6***REMOVED***
      activestorage (= 6.1.7.6***REMOVED***
      activesupport (= 6.1.7.6***REMOVED***
      mail (>= 2.7.1***REMOVED***
    actionmailer (6.1.7.6***REMOVED***
      actionpack (= 6.1.7.6***REMOVED***
      actionview (= 6.1.7.6***REMOVED***
      activejob (= 6.1.7.6***REMOVED***
      activesupport (= 6.1.7.6***REMOVED***
      mail (~> 2.5, >= 2.5.4***REMOVED***
      rails-dom-testing (~> 2.0***REMOVED***
    actionpack (6.1.7.6***REMOVED***
      actionview (= 6.1.7.6***REMOVED***
      activesupport (= 6.1.7.6***REMOVED***
      rack (~> 2.0, >= 2.0.9***REMOVED***
      rack-test (>= 0.6.3***REMOVED***
      rails-dom-testing (~> 2.0***REMOVED***
      rails-html-sanitizer (~> 1.0, >= 1.2.0***REMOVED***
    actiontext (6.1.7.6***REMOVED***
      actionpack (= 6.1.7.6***REMOVED***
      activerecord (= 6.1.7.6***REMOVED***
      activestorage (= 6.1.7.6***REMOVED***
      activesupport (= 6.1.7.6***REMOVED***
      nokogiri (>= 1.8.5***REMOVED***
    actionview (6.1.7.6***REMOVED***
      activesupport (= 6.1.7.6***REMOVED***
      builder (~> 3.1***REMOVED***
      erubi (~> 1.4***REMOVED***
      rails-dom-testing (~> 2.0***REMOVED***
      rails-html-sanitizer (~> 1.1, >= 1.2.0***REMOVED***
    activejob (6.1.7.6***REMOVED***
      activesupport (= 6.1.7.6***REMOVED***
      globalid (>= 0.3.6***REMOVED***
    activemodel (6.1.7.6***REMOVED***
      activesupport (= 6.1.7.6***REMOVED***
    activerecord (6.1.7.6***REMOVED***
      activemodel (= 6.1.7.6***REMOVED***
      activesupport (= 6.1.7.6***REMOVED***
    activestorage (6.1.7.6***REMOVED***
      actionpack (= 6.1.7.6***REMOVED***
      activejob (= 6.1.7.6***REMOVED***
      activerecord (= 6.1.7.6***REMOVED***
      activesupport (= 6.1.7.6***REMOVED***
      marcel (~> 1.0***REMOVED***
      mini_mime (>= 1.1.0***REMOVED***
    activesupport (6.1.7.6***REMOVED***
      concurrent-ruby (~> 1.0, >= 1.0.2***REMOVED***
      i18n (>= 1.6, < 2***REMOVED***
      minitest (>= 5.1***REMOVED***
      tzinfo (~> 2.0***REMOVED***
      zeitwerk (~> 2.3***REMOVED***
    acts_as_tenant (1.0.1***REMOVED***
      rails (>= 6.0***REMOVED***
    addressable (2.8.6***REMOVED***
      public_suffix (>= 2.0.2, < 6.0***REMOVED***
    annotate (3.2.0***REMOVED***
      activerecord (>= 3.2, < 8.0***REMOVED***
      rake (>= 10.4, < 14.0***REMOVED***
    attr_encrypted (4.0.0***REMOVED***
      encryptor (~> 3.0.0***REMOVED***
    bcrypt (3.1.20***REMOVED***
    bindex (0.8.1***REMOVED***
    bootsnap (1.17.0***REMOVED***
      msgpack (~> 1.2***REMOVED***
    bootstrap_form (4.5.0***REMOVED***
      actionpack (>= 5.2***REMOVED***
      activemodel (>= 5.2***REMOVED***
    builder (3.2.4***REMOVED***
    byebug (11.1.3***REMOVED***
    capybara (3.39.2***REMOVED***
      addressable
      matrix
      mini_mime (>= 0.1.3***REMOVED***
      nokogiri (~> 1.8***REMOVED***
      rack (>= 1.6.0***REMOVED***
      rack-test (>= 0.6.3***REMOVED***
      regexp_parser (>= 1.5, < 3.0***REMOVED***
      xpath (~> 3.2***REMOVED***
    carrierwave (0.11.2***REMOVED***
      activemodel (>= 3.2.0***REMOVED***
      activesupport (>= 3.2.0***REMOVED***
      json (>= 1.7***REMOVED***
      mime-types (>= 1.16***REMOVED***
      mimemagic (>= 0.3.0***REMOVED***
    chronic (0.10.2***REMOVED***
    chunky_png (1.4.0***REMOVED***
    concurrent-ruby (1.2.2***REMOVED***
    crass (1.0.6***REMOVED***
    date (3.3.4***REMOVED***
    devise (4.9.3***REMOVED***
      bcrypt (~> 3.0***REMOVED***
      orm_adapter (~> 0.1***REMOVED***
      railties (>= 4.1.0***REMOVED***
      responders
      warden (~> 1.2.3***REMOVED***
    encryptor (3.0.0***REMOVED***
    erubi (1.12.0***REMOVED***
    faker (3.2.2***REMOVED***
      i18n (>= 1.8.11, < 2***REMOVED***
    ffi (1.16.3***REMOVED***
    globalid (1.2.1***REMOVED***
      activesupport (>= 6.1***REMOVED***
    google-authenticator-rails (3.3.1***REMOVED***
      actionpack
      activerecord
      rails
      rotp (>= 5.0, < 7.0***REMOVED***
      rqrcode
    httparty (0.21.0***REMOVED***
      mini_mime (>= 1.0.0***REMOVED***
      multi_xml (>= 0.5.2***REMOVED***
    i18n (1.14.1***REMOVED***
      concurrent-ruby (~> 1.0***REMOVED***
    image_processing (1.12.2***REMOVED***
      mini_magick (>= 4.9.5, < 5***REMOVED***
      ruby-vips (>= 2.0.17, < 3***REMOVED***
    jbuilder (2.11.5***REMOVED***
      actionview (>= 5.0.0***REMOVED***
      activesupport (>= 5.0.0***REMOVED***
    jquery-rails (4.6.0***REMOVED***
      rails-dom-testing (>= 1, < 3***REMOVED***
      railties (>= 4.2.0***REMOVED***
      thor (>= 0.14, < 2.0***REMOVED***
    json (2.7.1***REMOVED***
    listen (3.8.0***REMOVED***
      rb-fsevent (~> 0.10, >= 0.10.3***REMOVED***
      rb-inotify (~> 0.9, >= 0.9.10***REMOVED***
    loofah (2.22.0***REMOVED***
      crass (~> 1.0.2***REMOVED***
      nokogiri (>= 1.12.0***REMOVED***
    mail (2.8.1***REMOVED***
      mini_mime (>= 0.1.1***REMOVED***
      net-imap
      net-pop
      net-smtp
    marcel (1.0.2***REMOVED***
    matrix (0.4.2***REMOVED***
    method_source (1.0.0***REMOVED***
    mime-types (3.5.1***REMOVED***
      mime-types-data (~> 3.2015***REMOVED***
    mime-types-data (3.2023.1205***REMOVED***
    mimemagic (0.4.3***REMOVED***
      nokogiri (~> 1***REMOVED***
      rake
    mini_magick (4.12.0***REMOVED***
    mini_mime (1.1.5***REMOVED***
    mini_portile2 (2.8.5***REMOVED***
    minitest (5.20.0***REMOVED***
    msgpack (1.7.2***REMOVED***
    multi_xml (0.6.0***REMOVED***
    net-imap (0.4.8***REMOVED***
      date
      net-protocol
    net-pop (0.1.2***REMOVED***
      net-protocol
    net-protocol (0.2.2***REMOVED***
      timeout
    net-smtp (0.4.0***REMOVED***
      net-protocol
    nio4r (2.7.0***REMOVED***
    nokogiri (1.15.5***REMOVED***
      mini_portile2 (~> 2.8.2***REMOVED***
      racc (~> 1.4***REMOVED***
    orm_adapter (0.5.0***REMOVED***
    pg (1.5.4***REMOVED***
    pgreset (0.4***REMOVED***
    popper_js (2.11.8***REMOVED***
    public_suffix (5.0.4***REMOVED***
    puma (5.6.7***REMOVED***
      nio4r (~> 2.0***REMOVED***
    racc (1.7.3***REMOVED***
    rack (2.2.8***REMOVED***
    rack-proxy (0.7.7***REMOVED***
      rack
    rack-test (2.1.0***REMOVED***
      rack (>= 1.3***REMOVED***
    rails (6.1.7.6***REMOVED***
      actioncable (= 6.1.7.6***REMOVED***
      actionmailbox (= 6.1.7.6***REMOVED***
      actionmailer (= 6.1.7.6***REMOVED***
      actionpack (= 6.1.7.6***REMOVED***
      actiontext (= 6.1.7.6***REMOVED***
      actionview (= 6.1.7.6***REMOVED***
      activejob (= 6.1.7.6***REMOVED***
      activemodel (= 6.1.7.6***REMOVED***
      activerecord (= 6.1.7.6***REMOVED***
      activestorage (= 6.1.7.6***REMOVED***
      activesupport (= 6.1.7.6***REMOVED***
      bundler (>= 1.15.0***REMOVED***
      railties (= 6.1.7.6***REMOVED***
      sprockets-rails (>= 2.0.0***REMOVED***
    rails-dom-testing (2.2.0***REMOVED***
      activesupport (>= 5.0.0***REMOVED***
      minitest
      nokogiri (>= 1.6***REMOVED***
    rails-html-sanitizer (1.6.0***REMOVED***
      loofah (~> 2.21***REMOVED***
      nokogiri (~> 1.14***REMOVED***
    railties (6.1.7.6***REMOVED***
      actionpack (= 6.1.7.6***REMOVED***
      activesupport (= 6.1.7.6***REMOVED***
      method_source
      rake (>= 12.2***REMOVED***
      thor (~> 1.0***REMOVED***
    rake (13.1.0***REMOVED***
    ransack (4.1.1***REMOVED***
      activerecord (>= 6.1.5***REMOVED***
      activesupport (>= 6.1.5***REMOVED***
      i18n
    rb-fsevent (0.11.2***REMOVED***
    rb-inotify (0.10.1***REMOVED***
      ffi (~> 1.0***REMOVED***
    regexp_parser (2.8.3***REMOVED***
    responders (3.1.1***REMOVED***
      actionpack (>= 5.2***REMOVED***
      railties (>= 5.2***REMOVED***
    rexml (3.2.6***REMOVED***
    rotp (6.3.0***REMOVED***
    rqrcode (2.2.0***REMOVED***
      chunky_png (~> 1.0***REMOVED***
      rqrcode_core (~> 1.0***REMOVED***
    rqrcode_core (1.2.0***REMOVED***
    ruby-vips (2.2.0***REMOVED***
      ffi (~> 1.12***REMOVED***
    rubyzip (2.3.2***REMOVED***
    sass-rails (6.0.0***REMOVED***
      sassc-rails (~> 2.1, >= 2.1.1***REMOVED***
    sassc (2.4.0***REMOVED***
      ffi (~> 1.9***REMOVED***
    sassc-rails (2.1.2***REMOVED***
      railties (>= 4.0.0***REMOVED***
      sassc (>= 2.0***REMOVED***
      sprockets (> 3.0***REMOVED***
      sprockets-rails
      tilt
    securerandom (0.1.1***REMOVED***
    selenium-webdriver (4.10.0***REMOVED***
      rexml (~> 3.2, >= 3.2.5***REMOVED***
      rubyzip (>= 1.2.2, < 3.0***REMOVED***
      websocket (~> 1.0***REMOVED***
    semantic_range (3.0.0***REMOVED***
    spring (4.1.3***REMOVED***
    sprockets (4.2.1***REMOVED***
      concurrent-ruby (~> 1.0***REMOVED***
      rack (>= 2.2.4, < 4***REMOVED***
    sprockets-rails (3.4.2***REMOVED***
      actionpack (>= 5.2***REMOVED***
      activesupport (>= 5.2***REMOVED***
      sprockets (>= 3.0.0***REMOVED***
    thor (1.3.0***REMOVED***
    tilt (2.3.0***REMOVED***
    timeout (0.4.1***REMOVED***
    turbolinks (5.2.1***REMOVED***
      turbolinks-source (~> 5.2***REMOVED***
    turbolinks-source (5.2.0***REMOVED***
    tzinfo (2.0.6***REMOVED***
      concurrent-ruby (~> 1.0***REMOVED***
    warden (1.2.9***REMOVED***
      rack (>= 2.0.9***REMOVED***
    web-console (4.2.1***REMOVED***
      actionview (>= 6.0.0***REMOVED***
      activemodel (>= 6.0.0***REMOVED***
      bindex (>= 0.4.0***REMOVED***
      railties (>= 6.0.0***REMOVED***
    webdrivers (5.3.1***REMOVED***
      nokogiri (~> 1.6***REMOVED***
      rubyzip (>= 1.3.0***REMOVED***
      selenium-webdriver (~> 4.0, < 4.11***REMOVED***
    webpacker (5.4.4***REMOVED***
      activesupport (>= 5.2***REMOVED***
      rack-proxy (>= 0.6.1***REMOVED***
      railties (>= 5.2***REMOVED***
      semantic_range (>= 2.3.0***REMOVED***
    websocket (1.2.10***REMOVED***
    websocket-driver (0.7.6***REMOVED***
      websocket-extensions (>= 0.1.0***REMOVED***
    websocket-extensions (0.1.5***REMOVED***
    whenever (1.0.0***REMOVED***
      chronic (>= 0.6.3***REMOVED***
    xpath (3.2.0***REMOVED***
      nokogiri (~> 1.8***REMOVED***
    zeitwerk (2.6.12***REMOVED***

PLATFORMS
  ruby

DEPENDENCIES
  activesupport
  acts_as_tenant
  annotate
  attr_encrypted
  bootsnap (>= 1.4.4***REMOVED***
  bootstrap_form (~> 4.0***REMOVED***
  byebug
  capybara (>= 3.26***REMOVED***
  carrierwave (~> 0.11.2***REMOVED***
  devise
  faker
  google-authenticator-rails
  httparty
  image_processing (~> 1.12, >= 1.12.2***REMOVED***
  jbuilder (~> 2.7***REMOVED***
  jquery-rails
  listen (~> 3.3***REMOVED***
  pg (~> 1.1***REMOVED***
  pgreset
  popper_js (~> 2.11.5***REMOVED***
  puma (~> 5.0***REMOVED***
  rails (~> 6.1.0***REMOVED***
  ransack
  rotp
  rqrcode
  sass-rails (>= 6***REMOVED***
  securerandom
  selenium-webdriver
  spring
  turbolinks (~> 5***REMOVED***
  tzinfo-data
  web-console (>= 4.1.0***REMOVED***
  webdrivers
  webpacker (~> 5.0***REMOVED***
  whenever

RUBY VERSION
   ruby 3.1.1p18

BUNDLED WITH
   2.4.20
